{
	"TaskName": "ssvep",
	"Manufacturer": "Brain Products",
	"PowerLineFrequency": 50.0,
	"SamplingFrequency": 100.0,
	"SoftwareFilters": "n/a",
	"RecordingDuration": 596.02,
	"RecordingType": "continuous",
	"EEGReference": "FCz",
	"EEGGround": "Fpz",
	"EEGPlacementScheme": "10-05 system",
	"EEGChannelCount": 73,
	"EOGChannelCount": 0,
	"ECGChannelCount": 0,
	"EMGChannelCount": 0,
	"TriggerChannelCount": 0,
	"ManufacturersModelName": "BrainAmp (Brain Product GmbH)",
	"HardwareFilters": "n/a",
	"TaskDescription": "BCI during motion (standing/walking/running) Trial duration: 5.0s.",
	"Instructions": "n/a",
	"InstitutionName": "Korea University",
	"InstitutionAddress": "KR",
	"InstitutionalDepartmentName": "n/a",
	"CapManufacturer": "n/a",
	"CapManufacturersModelName": "n/a",
	"SubjectArtefactDescription": "Impedance kept below 50 kOhm",
	"DeviceSerialNumber": "n/a",
	"Description": "EEG recording.",
	"MISCChannelCount": 0
}